PATH
  remote: .
  specs:
    es_searchable (0.1.1)
      activesupport (>= 4.0.3, < 5.1)
      bundler (~> 1.6)
      elasticsearch
      rake

GEM
  remote: https://rubygems.org/
  specs:
    activesupport (4.2.6)
      i18n (~> 0.7)
      json (~> 1.7, >= 1.7.7)
      minitest (~> 5.1)
      thread_safe (~> 0.3, >= 0.3.4)
      tzinfo (~> 1.1)
    coderay (1.1.0)
    elasticsearch (1.0.17)
      elasticsearch-api (= 1.0.17)
      elasticsearch-transport (= 1.0.17)
    elasticsearch-api (1.0.17)
      multi_json
    elasticsearch-transport (1.0.17)
      faraday
      multi_json
    faraday (0.9.2)
      multipart-post (>= 1.2, < 3)
    ffaker (2.2.0)
    i18n (0.7.0)
    json (1.8.3)
    metaclass (0.0.4)
    method_source (0.8.2)
    minitest (5.8.4)
    mocha (1.1.0)
      metaclass (~> 0.0.1)
    multi_json (1.11.2)
    multipart-post (2.0.0)
    pry (0.10.3)
      coderay (~> 1.1.0)
      method_source (~> 0.8.1)
      slop (~> 3.4)
    rake (11.1.2)
    slop (3.6.0)
    thread_safe (0.3.5)
    tzinfo (1.2.2)
      thread_safe (~> 0.1)

PLATFORMS
  ruby

DEPENDENCIES
  es_searchable!
  ffaker
  minitest
  mocha
  pry

BUNDLED WITH
   1.11.2
